GEM
  remote: https://rubygems.org/
  specs:
    awesome_print (1.9.2)
    byebug (11.1.3)
    mustermann (1.1.1)
      ruby2_keywords (~> 0.0.1)
    rack (2.2.3)
    rack-protection (2.1.0)
      rack
    ruby2_keywords (0.0.5)
    sinatra (2.1.0)
      mustermann (~> 1.0)
      rack (~> 2.2)
      rack-protection (= 2.1.0)
      tilt (~> 2.0)
    tilt (2.0.10)
    zeitwerk (2.5.1)

PLATFORMS
  ruby

DEPENDENCIES
  awesome_print (~> 1.9.2)
  byebug (~> 11.1.3)
  sinatra (~> 2.1.0)
  zeitwerk (~> 2.5.1)

RUBY VERSION
   ruby 2.7.5p203

BUNDLED WITH
   2.1.4
